GEM
  remote: https://rubygems.org/
  specs:
    wordexp (0.1.1)

PLATFORMS
  arm64-darwin-21

DEPENDENCIES
  wordexp (~> 0.1)

RUBY VERSION
   ruby 3.1.0p0

BUNDLED WITH
   2.3.3
